PATH
  remote: .
  specs:
    zaim-ruby (0.1.0)
      faraday (~> 0.8, < 0.9)
      faraday_middleware (~> 0.9.0)
      simple_oauth (~> 0.2)

GEM
  remote: https://rubygems.org/
  specs:
    addressable (2.3.4)
    coderay (1.0.9)
    colorize (0.5.8)
    coveralls (0.6.7)
      colorize
      multi_json (~> 1.3)
      rest-client
      simplecov (>= 0.7)
      thor
    crack (0.4.0)
      safe_yaml (~> 0.9.0)
    faraday (0.8.7)
      multipart-post (~> 1.1)
    faraday_middleware (0.9.0)
      faraday (>= 0.7.4, < 0.9)
    method_source (0.8.1)
    mime-types (1.23)
    minitest (5.0.5)
    multi_json (1.7.7)
    multipart-post (1.2.0)
    pry (0.9.12.2)
      coderay (~> 1.0.5)
      method_source (~> 0.8)
      slop (~> 3.4)
    rake (10.1.0)
    rest-client (1.6.7)
      mime-types (>= 1.16)
    safe_yaml (0.9.3)
    simple_oauth (0.2.0)
    simplecov (0.7.1)
      multi_json (~> 1.0)
      simplecov-html (~> 0.7.1)
    simplecov-html (0.7.1)
    slop (3.4.5)
    thor (0.18.1)
    webmock (1.11.0)
      addressable (>= 2.2.7)
      crack (>= 0.3.2)
    yard (0.8.6.1)

PLATFORMS
  ruby

DEPENDENCIES
  bundler (~> 1.3)
  coveralls
  minitest
  pry
  rake
  simplecov
  webmock
  yard
  zaim-ruby!
