GEM
  remote: https://rubygems.org/
  specs:
    addressable (2.3.4)
    coderay (1.0.9)
    crack (0.4.0)
      safe_yaml (~> 0.9.0)
    faraday (0.8.7)
      multipart-post (~> 1.1)
    faraday_middleware (0.9.0)
      faraday (>= 0.7.4, < 0.9)
    method_source (0.8.1)
    minitest (5.0.5)
    multipart-post (1.2.0)
    pry (0.9.12.2)
      coderay (~> 1.0.5)
      method_source (~> 0.8)
      slop (~> 3.4)
    safe_yaml (0.9.3)
    simple_oauth (0.2.0)
    slop (3.4.5)
    webmock (1.11.0)
      addressable (>= 2.2.7)
      crack (>= 0.3.2)
    yard (0.8.6.1)

PLATFORMS
  ruby

DEPENDENCIES
  faraday (~> 0.8, < 0.9)
  faraday_middleware (~> 0.9.0)
  minitest
  pry
  simple_oauth (~> 0.2)
  webmock
  yard
